GEM
  remote: https://rubygems.org/
  specs:
    kramdown (2.4.0)
      rexml
    power_assert (2.0.3)
    prettier_print (1.2.1)
    rake (13.0.6)
    rexml (3.2.5)
    rouge (4.1.2)
    syntax_tree (6.1.1)
      prettier_print (>= 1.2.0)
    test-unit (3.5.9)
      power_assert

PLATFORMS
  arm64-darwin-21
  arm64-darwin-22
  x86_64-darwin-21
  x86_64-linux

DEPENDENCIES
  kramdown
  rake
  rouge
  syntax_tree
  test-unit

BUNDLED WITH
   2.3.6
